GIT
  remote: https://github.com/myronmarston/vcr.git
  revision: 58422a6a09549fc2facccd043100a1dd8bcfb260
  tag: v2.0.0.rc1
  specs:
    vcr (2.0.0.rc1)

GEM
  remote: http://rubygems.org/
  specs:
    ZenTest (4.6.2)
    diff-lcs (1.1.3)
    fakeweb (1.3.0)
    foreman (0.39.0)
      term-ansicolor (~> 1.0.7)
      thor (>= 0.13.6)
    json (1.6.5)
    kgio (2.7.2)
    multi_json (1.0.4)
    nokogiri (1.5.0)
    rack (1.4.1)
    rack-protection (1.2.0)
      rack
    rack-test (0.6.1)
      rack (>= 1.0)
    raindrops (0.8.0)
    rspec (2.8.0)
      rspec-core (~> 2.8.0)
      rspec-expectations (~> 2.8.0)
      rspec-mocks (~> 2.8.0)
    rspec-core (2.8.0)
    rspec-expectations (2.8.0)
      diff-lcs (~> 1.1.2)
    rspec-mocks (2.8.0)
    sinatra (1.3.2)
      rack (~> 1.3, >= 1.3.6)
      rack-protection (~> 1.2)
      tilt (~> 1.3, >= 1.3.3)
    term-ansicolor (1.0.7)
    thor (0.14.6)
    tilt (1.3.3)
    unicorn (4.2.0)
      kgio (~> 2.6)
      rack
      raindrops (~> 0.7)

PLATFORMS
  ruby

DEPENDENCIES
  ZenTest
  fakeweb
  foreman
  json
  multi_json
  nokogiri
  rack-test
  rspec
  sinatra
  unicorn
  vcr!
