GEM
  remote: http://rubygems.org/
  specs:
    diff-lcs (1.1.3)
    foreman (0.39.0)
      term-ansicolor (~> 1.0.7)
      thor (>= 0.13.6)
    json (1.6.5)
    kgio (2.7.2)
    rack (1.4.1)
    rack-protection (1.2.0)
      rack
    rack-test (0.5.7)
      rack (>= 1.0)
    raindrops (0.8.0)
    rspec (2.6.0)
      rspec-core (~> 2.6.0)
      rspec-expectations (~> 2.6.0)
      rspec-mocks (~> 2.6.0)
    rspec-core (2.6.4)
    rspec-expectations (2.6.0)
      diff-lcs (~> 1.1.2)
    rspec-mocks (2.6.0)
    sinatra (1.3.2)
      rack (~> 1.3, >= 1.3.6)
      rack-protection (~> 1.2)
      tilt (~> 1.3, >= 1.3.3)
    term-ansicolor (1.0.7)
    thor (0.14.6)
    tilt (1.3.3)
    unicorn (4.2.0)
      kgio (~> 2.6)
      rack
      raindrops (~> 0.7)

PLATFORMS
  ruby

DEPENDENCIES
  foreman
  json
  rack-test
  rspec
  sinatra
  unicorn
